GEM
  remote: https://rubygems.org/
  specs:
    sort_alphabetical (1.0.2)
      unicode_utils (>= 1.2.2)
    unicode_utils (1.4.0)

PLATFORMS
  ruby

DEPENDENCIES
  sort_alphabetical

BUNDLED WITH
   1.10.6
